GEM
  remote: https://rubygems.org/
  specs:
    docker_rack (0.0.7)
      rake (~> 0)
      thor (~> 0.18, >= 0.18.0)
    rake (0.9.6)
    thor (0.19.1)

PLATFORMS
  x86-mingw32

DEPENDENCIES
  docker_rack

BUNDLED WITH
   1.10.6
